NUGET
  remote: https://nuget.org/api/v2
  specs:
    FSharp.Formatting.CommandTool (2.14.0)
